GEM
  remote: http://rubygems.org/
  specs:
    addressable (2.2.7)
    crack (0.3.1)
    httparty (0.8.3)
      multi_json (~> 1.0)
      multi_xml
    multi_json (1.3.2)
    multi_xml (0.4.4)
    rake (0.9.2.2)
    vcr (2.1.1)
    webmock (1.8.6)
      addressable (>= 2.2.7)
      crack (>= 0.1.7)

PLATFORMS
  ruby

DEPENDENCIES
  httparty (~> 0.8.3)
  rake
  vcr (>= 2.1.1)
  webmock (>= 1.8.6)
